GEM
  remote: http://rubygems.org/
  specs:
    ghost (0.3.0)
    rack (1.4.1)
    rack-protection (1.2.0)
      rack
    rake (0.9.2.2)
    rake-hooks (1.2.3)
      rake
    sinatra (1.3.3)
      rack (~> 1.3, >= 1.3.6)
      rack-protection (~> 1.2)
      tilt (~> 1.3, >= 1.3.3)
    tilt (1.3.3)

PLATFORMS
  ruby

DEPENDENCIES
  ghost
  rake
  rake-hooks
  sinatra
